GEM
  specs:
    dotenv (3.1.4)
    event_stream_parser (1.0.0)
    faraday (2.12.1)
      faraday-net_http (>= 2.0, < 3.5)
      json
      logger
    faraday-multipart (1.0.4)
      multipart-post (~> 2)
    faraday-net_http (3.4.0)
      net-http (>= 0.5.0)
    json (2.6.3)
    logger (1.5.3)
    multipart-post (2.4.1)
    net-http (0.5.0)
      uri
    ruby-openai (7.3.1)
      event_stream_parser (>= 0.3.0, < 2.0.0)
      faraday (>= 1)
      faraday-multipart (>= 1)
    uri (0.12.0)

PLATFORMS
  x86_64-linux

DEPENDENCIES
  dotenv
  ruby-openai

BUNDLED WITH
   2.4.6
